GEM
  remote: https://rubygems.org/
  specs:
    minitest (5.16.3)

PLATFORMS
  arm64-darwin-21

DEPENDENCIES
  minitest (~> 5.16, >= 5.16.3)

BUNDLED WITH
   2.3.26
